PATH
  remote: .
  specs:
    libvirt (0.0.1.dev)
      ffi (~> 0.6.3)
      nokogiri (~> 1.4.3)

GEM
  remote: http://rubygems.org/
  specs:
    bluecloth (2.0.9)
    ffi (0.6.3)
      rake (>= 0.8.7)
    ffi (0.6.3-java)
    mocha (0.9.8)
      rake
    nokogiri (1.4.3.1)
    nokogiri (1.4.3.1-java)
      weakling (>= 0.0.3)
    protest (0.4.1)
    rake (0.8.7)
    weakling (0.0.4-java)
    yard (0.6.1)

PLATFORMS
  java
  ruby

DEPENDENCIES
  bluecloth (~> 2.0.9)
  ffi (~> 0.6.3)
  libvirt!
  mocha (~> 0.9.8)
  nokogiri (~> 1.4.3)
  protest (~> 0.4.0)
  yard (~> 0.6.1)
