PATH
  remote: .
  specs:
    libvirt (0.0.1.dev)
      builder (~> 2.1.2)
      ffi (~> 0.6.3)
      nokogiri (~> 1.4.3)

GEM
  remote: http://rubygems.org/
  specs:
    bluecloth (2.0.9)
    builder (2.1.2)
    ffi (0.6.3)
      rake (>= 0.8.7)
    nokogiri (1.4.3.1)
    protest (0.4.1)
    rake (0.8.7)
    yard (0.6.1)

PLATFORMS
  ruby

DEPENDENCIES
  bluecloth (~> 2.0.9)
  builder (~> 2.1.2)
  ffi (~> 0.6.3)
  libvirt!
  nokogiri (~> 1.4.3)
  protest (~> 0.4.0)
  yard (~> 0.6.1)
