PATH
  remote: .
  specs:
    libvirt (0.0.1.dev)
      ffi (~> 0.6.3)

GEM
  remote: http://rubygems.org/
  specs:
    bluecloth (2.0.9)
    ffi (0.6.3)
      rake (>= 0.8.7)
    protest (0.4.1)
    rake (0.8.7)
    yard (0.6.1)

PLATFORMS
  ruby

DEPENDENCIES
  bluecloth (~> 2.0.9)
  ffi (~> 0.6.3)
  libvirt!
  protest (~> 0.4.0)
  yard (~> 0.6.1)
