PATH
  remote: .
  specs:
    libvirt (0.0.1.dev)
      ffi (~> 0.6.3)

GEM
  remote: http://rubygems.org/
  specs:
    ffi (0.6.3)
      rake (>= 0.8.7)
    rake (0.8.7)

PLATFORMS
  ruby

DEPENDENCIES
  ffi (~> 0.6.3)
  libvirt!
